RESTRICTION: || (== net452) (== netcoreapp3.0) (== netstandard1.6)
NUGET
  remote: https://api.nuget.org/v3/index.json
    cef.redist.x64 (75.1.14) - restriction: || (== net452) (== netcoreapp3.0) (&& (== netstandard1.6) (>= net452)) (&& (== netstandard1.6) (>= netcoreapp3.0))
    cef.redist.x86 (75.1.14) - restriction: || (== net452) (== netcoreapp3.0) (&& (== netstandard1.6) (>= net452)) (&& (== netstandard1.6) (>= netcoreapp3.0))
    CefSharp.Common (75.1.143) - restriction: || (== net452) (== netcoreapp3.0) (&& (== netstandard1.6) (>= net452)) (&& (== netstandard1.6) (>= netcoreapp3.0))
      cef.redist.x64 (75.1.14)
      cef.redist.x86 (75.1.14)
    CefSharp.WinForms (75.1.143)
      CefSharp.Common (75.1.143) - restriction: || (== net452) (== netcoreapp3.0) (&& (== netstandard1.6) (>= net452)) (&& (== netstandard1.6) (>= netcoreapp3.0))
    CefSharp.Wpf (75.1.143)
      CefSharp.Common (75.1.143) - restriction: || (== net452) (== netcoreapp3.0) (&& (== netstandard1.6) (>= net452)) (&& (== netstandard1.6) (>= netcoreapp3.0))
    FSharp.Core (4.2.3)
      System.Collections (>= 4.0.11) - restriction: || (&& (== net452) (< net45) (>= netstandard1.6)) (== netcoreapp3.0) (== netstandard1.6)
      System.Console (>= 4.0) - restriction: || (&& (== net452) (< net45) (>= netstandard1.6)) (== netcoreapp3.0) (== netstandard1.6)
      System.Diagnostics.Debug (>= 4.0.11) - restriction: || (&& (== net452) (< net45) (>= netstandard1.6)) (== netcoreapp3.0) (== netstandard1.6)
      System.Diagnostics.Tools (>= 4.0.1) - restriction: || (&& (== net452) (< net45) (>= netstandard1.6)) (== netcoreapp3.0) (== netstandard1.6)
      System.Globalization (>= 4.0.11) - restriction: || (&& (== net452) (< net45) (>= netstandard1.6)) (== netcoreapp3.0) (== netstandard1.6)
      System.IO (>= 4.1) - restriction: || (&& (== net452) (< net45) (>= netstandard1.6)) (== netcoreapp3.0) (== netstandard1.6)
      System.Linq (>= 4.1) - restriction: || (&& (== net452) (< net45) (>= netstandard1.6)) (== netcoreapp3.0) (== netstandard1.6)
      System.Linq.Expressions (>= 4.1) - restriction: || (&& (== net452) (< net45) (>= netstandard1.6)) (== netcoreapp3.0) (== netstandard1.6)
      System.Linq.Queryable (>= 4.0.1) - restriction: || (&& (== net452) (< net45) (>= netstandard1.6)) (== netcoreapp3.0) (== netstandard1.6)
      System.Net.Requests (>= 4.0.11) - restriction: || (&& (== net452) (< net45) (>= netstandard1.6)) (== netcoreapp3.0) (== netstandard1.6)
      System.Reflection (>= 4.1) - restriction: || (&& (== net452) (< net45) (>= netstandard1.6)) (== netcoreapp3.0) (== netstandard1.6)
      System.Reflection.Extensions (>= 4.0.1) - restriction: || (&& (== net452) (< net45) (>= netstandard1.6)) (== netcoreapp3.0) (== netstandard1.6)
      System.Resources.ResourceManager (>= 4.0.1) - restriction: || (&& (== net452) (< net45) (>= netstandard1.6)) (== netcoreapp3.0) (== netstandard1.6)
      System.Runtime (>= 4.1) - restriction: || (&& (== net452) (< net45) (>= netstandard1.6)) (== netcoreapp3.0) (== netstandard1.6)
      System.Runtime.Extensions (>= 4.1) - restriction: || (&& (== net452) (< net45) (>= netstandard1.6)) (== netcoreapp3.0) (== netstandard1.6)
      System.Runtime.Numerics (>= 4.0.1) - restriction: || (&& (== net452) (< net45) (>= netstandard1.6)) (== netcoreapp3.0) (== netstandard1.6)
      System.Text.RegularExpressions (>= 4.1) - restriction: || (&& (== net452) (< net45) (>= netstandard1.6)) (== netcoreapp3.0) (== netstandard1.6)
      System.Threading (>= 4.0.11) - restriction: || (&& (== net452) (< net45) (>= netstandard1.6)) (== netcoreapp3.0) (== netstandard1.6)
      System.Threading.Tasks (>= 4.0.11) - restriction: || (&& (== net452) (< net45) (>= netstandard1.6)) (== netcoreapp3.0) (== netstandard1.6)
      System.Threading.Tasks.Parallel (>= 4.0.1) - restriction: || (&& (== net452) (< net45) (>= netstandard1.6)) (== netcoreapp3.0) (== netstandard1.6)
      System.Threading.Thread (>= 4.0) - restriction: || (&& (== net452) (< net45) (>= netstandard1.6)) (== netcoreapp3.0) (== netstandard1.6)
      System.Threading.ThreadPool (>= 4.0.10) - restriction: || (&& (== net452) (< net45) (>= netstandard1.6)) (== netcoreapp3.0) (== netstandard1.6)
      System.Threading.Timer (>= 4.0.1) - restriction: || (&& (== net452) (< net45) (>= netstandard1.6)) (== netcoreapp3.0) (== netstandard1.6)
    Microsoft.NETCore.Platforms (3.1) - restriction: || (&& (== net452) (< net45) (>= netstandard1.6)) (&& (== net452) (>= netcoreapp1.1)) (== netcoreapp3.0) (== netstandard1.6)
    Microsoft.NETCore.Targets (3.1) - restriction: || (&& (== net452) (< net45) (>= netstandard1.6)) (&& (== net452) (>= netcoreapp1.1)) (== netcoreapp3.0) (== netstandard1.6)
    runtime.debian.8-x64.runtime.native.System.Security.Cryptography.OpenSsl (4.3.3) - restriction: || (&& (== net452) (< net45) (>= netstandard1.6)) (== netcoreapp3.0) (== netstandard1.6)
    runtime.debian.9-x64.runtime.native.System.Security.Cryptography.OpenSsl (4.3.3) - restriction: || (&& (== net452) (< net45) (>= netstandard1.6)) (== netcoreapp3.0) (== netstandard1.6)
    runtime.fedora.23-x64.runtime.native.System.Security.Cryptography.OpenSsl (4.3.3) - restriction: || (&& (== net452) (< net45) (>= netstandard1.6)) (== netcoreapp3.0) (== netstandard1.6)
    runtime.fedora.24-x64.runtime.native.System.Security.Cryptography.OpenSsl (4.3.3) - restriction: || (&& (== net452) (< net45) (>= netstandard1.6)) (== netcoreapp3.0) (== netstandard1.6)
    runtime.fedora.27-x64.runtime.native.System.Security.Cryptography.OpenSsl (4.3.3) - restriction: || (&& (== net452) (< net45) (>= netstandard1.6)) (== netcoreapp3.0) (== netstandard1.6)
    runtime.fedora.28-x64.runtime.native.System.Security.Cryptography.OpenSsl (4.3.3) - restriction: || (&& (== net452) (< net45) (>= netstandard1.6)) (== netcoreapp3.0) (== netstandard1.6)
    runtime.native.System (4.3.1) - restriction: || (&& (== net452) (< net45) (>= netstandard1.6)) (== netcoreapp3.0) (== netstandard1.6)
      Microsoft.NETCore.Platforms (>= 1.1.1)
      Microsoft.NETCore.Targets (>= 1.1.3)
    runtime.native.System.Net.Http (4.3.1) - restriction: || (&& (== net452) (< net45) (>= netstandard1.6)) (== netcoreapp3.0) (== netstandard1.6)
      Microsoft.NETCore.Platforms (>= 1.1.1)
      Microsoft.NETCore.Targets (>= 1.1.3)
    runtime.native.System.Security.Cryptography.Apple (4.3.1) - restriction: || (&& (== net452) (< net45) (>= netstandard1.6)) (== netcoreapp3.0) (== netstandard1.6)
      runtime.osx.10.10-x64.runtime.native.System.Security.Cryptography.Apple (>= 4.3.1)
    runtime.native.System.Security.Cryptography.OpenSsl (4.3.3) - restriction: || (&& (== net452) (< net45) (>= netstandard1.6)) (== netcoreapp3.0) (== netstandard1.6)
      runtime.debian.8-x64.runtime.native.System.Security.Cryptography.OpenSsl (>= 4.3.3)
      runtime.debian.9-x64.runtime.native.System.Security.Cryptography.OpenSsl (>= 4.3.3)
      runtime.fedora.23-x64.runtime.native.System.Security.Cryptography.OpenSsl (>= 4.3.3)
      runtime.fedora.24-x64.runtime.native.System.Security.Cryptography.OpenSsl (>= 4.3.3)
      runtime.fedora.27-x64.runtime.native.System.Security.Cryptography.OpenSsl (>= 4.3.3)
      runtime.fedora.28-x64.runtime.native.System.Security.Cryptography.OpenSsl (>= 4.3.3)
      runtime.opensuse.13.2-x64.runtime.native.System.Security.Cryptography.OpenSsl (>= 4.3.3)
      runtime.opensuse.42.1-x64.runtime.native.System.Security.Cryptography.OpenSsl (>= 4.3.3)
      runtime.opensuse.42.3-x64.runtime.native.System.Security.Cryptography.OpenSsl (>= 4.3.3)
      runtime.osx.10.10-x64.runtime.native.System.Security.Cryptography.OpenSsl (>= 4.3.3)
      runtime.rhel.7-x64.runtime.native.System.Security.Cryptography.OpenSsl (>= 4.3.3)
      runtime.ubuntu.14.04-x64.runtime.native.System.Security.Cryptography.OpenSsl (>= 4.3.3)
      runtime.ubuntu.16.04-x64.runtime.native.System.Security.Cryptography.OpenSsl (>= 4.3.3)
      runtime.ubuntu.16.10-x64.runtime.native.System.Security.Cryptography.OpenSsl (>= 4.3.3)
      runtime.ubuntu.18.04-x64.runtime.native.System.Security.Cryptography.OpenSsl (>= 4.3.3)
    runtime.opensuse.13.2-x64.runtime.native.System.Security.Cryptography.OpenSsl (4.3.3) - restriction: || (&& (== net452) (< net45) (>= netstandard1.6)) (== netcoreapp3.0) (== netstandard1.6)
    runtime.opensuse.42.1-x64.runtime.native.System.Security.Cryptography.OpenSsl (4.3.3) - restriction: || (&& (== net452) (< net45) (>= netstandard1.6)) (== netcoreapp3.0) (== netstandard1.6)
    runtime.opensuse.42.3-x64.runtime.native.System.Security.Cryptography.OpenSsl (4.3.3) - restriction: || (&& (== net452) (< net45) (>= netstandard1.6)) (== netcoreapp3.0) (== netstandard1.6)
    runtime.osx.10.10-x64.runtime.native.System.Security.Cryptography.Apple (4.3.1) - restriction: || (&& (== net452) (< net45) (>= netstandard1.6)) (== netcoreapp3.0) (== netstandard1.6)
    runtime.osx.10.10-x64.runtime.native.System.Security.Cryptography.OpenSsl (4.3.3) - restriction: || (&& (== net452) (< net45) (>= netstandard1.6)) (== netcoreapp3.0) (== netstandard1.6)
    runtime.rhel.7-x64.runtime.native.System.Security.Cryptography.OpenSsl (4.3.3) - restriction: || (&& (== net452) (< net45) (>= netstandard1.6)) (== netcoreapp3.0) (== netstandard1.6)
    runtime.ubuntu.14.04-x64.runtime.native.System.Security.Cryptography.OpenSsl (4.3.3) - restriction: || (&& (== net452) (< net45) (>= netstandard1.6)) (== netcoreapp3.0) (== netstandard1.6)
    runtime.ubuntu.16.04-x64.runtime.native.System.Security.Cryptography.OpenSsl (4.3.3) - restriction: || (&& (== net452) (< net45) (>= netstandard1.6)) (== netcoreapp3.0) (== netstandard1.6)
    runtime.ubuntu.16.10-x64.runtime.native.System.Security.Cryptography.OpenSsl (4.3.3) - restriction: || (&& (== net452) (< net45) (>= netstandard1.6)) (== netcoreapp3.0) (== netstandard1.6)
    runtime.ubuntu.18.04-x64.runtime.native.System.Security.Cryptography.OpenSsl (4.3.3) - restriction: || (&& (== net452) (< net45) (>= netstandard1.6)) (== netcoreapp3.0) (== netstandard1.6)
    System.Buffers (4.5) - restriction: || (&& (== net452) (== netcoreapp3.0)) (&& (== net452) (>= monoandroid) (>= netstandard1.6)) (&& (== net452) (>= monoandroid) (>= netstandard2.0)) (&& (== net452) (>= monotouch)) (&& (== net452) (< net45) (>= netstandard1.6)) (&& (== net452) (< net45) (>= netstandard2.0)) (&& (== net452) (< netstandard1.1) (>= netstandard1.6)) (&& (== net452) (< netstandard1.1) (>= netstandard2.0)) (&& (== net452) (>= netstandard1.6) (>= uap10.1)) (&& (== net452) (>= netstandard1.6) (>= wpa81)) (&& (== net452) (>= netstandard2.0) (>= uap10.1)) (&& (== net452) (>= netstandard2.0) (>= wpa81)) (&& (== net452) (>= xamarinios)) (&& (== net452) (>= xamarinmac)) (&& (== net452) (>= xamarintvos)) (&& (== net452) (>= xamarinwatchos)) (&& (== netcoreapp3.0) (>= monotouch)) (&& (== netcoreapp3.0) (>= net45) (< netstandard1.3)) (&& (== netcoreapp3.0) (>= net46)) (&& (== netcoreapp3.0) (>= net461)) (&& (== netcoreapp3.0) (< netcoreapp2.0)) (&& (== netcoreapp3.0) (< netstandard1.1)) (&& (== netcoreapp3.0) (< netstandard2.0)) (&& (== netcoreapp3.0) (>= uap10.1)) (&& (== netcoreapp3.0) (>= xamarinios)) (&& (== netcoreapp3.0) (>= xamarinmac)) (&& (== netcoreapp3.0) (>= xamarintvos)) (&& (== netcoreapp3.0) (>= xamarinwatchos)) (== netstandard1.6)
      System.Diagnostics.Debug (>= 4.3) - restriction: || (&& (== net452) (== netcoreapp3.0)) (&& (== net452) (< net45)) (&& (== netcoreapp3.0) (< netstandard2.0)) (== netstandard1.6)
      System.Diagnostics.Tracing (>= 4.3) - restriction: || (&& (== net452) (== netcoreapp3.0)) (&& (== net452) (< net45)) (&& (== netcoreapp3.0) (< netstandard2.0)) (== netstandard1.6)
      System.Resources.ResourceManager (>= 4.3) - restriction: || (&& (== net452) (== netcoreapp3.0)) (&& (== net452) (< net45)) (&& (== netcoreapp3.0) (< netstandard2.0)) (== netstandard1.6)
      System.Runtime (>= 4.3) - restriction: || (&& (== net452) (== netcoreapp3.0)) (&& (== net452) (< net45)) (&& (== netcoreapp3.0) (< netstandard2.0)) (== netstandard1.6)
      System.Threading (>= 4.3) - restriction: || (&& (== net452) (== netcoreapp3.0)) (&& (== net452) (< net45)) (&& (== netcoreapp3.0) (< netstandard2.0)) (== netstandard1.6)
    System.Collections (4.3) - restriction: || (&& (== net452) (< net45) (>= netstandard1.6)) (== netcoreapp3.0) (== netstandard1.6)
      Microsoft.NETCore.Platforms (>= 1.1) - restriction: || (&& (== net452) (< net45)) (== netcoreapp3.0) (== netstandard1.6)
      Microsoft.NETCore.Targets (>= 1.1) - restriction: || (&& (== net452) (< net45)) (== netcoreapp3.0) (== netstandard1.6)
      System.Runtime (>= 4.3) - restriction: || (&& (== net452) (< net45)) (== netcoreapp3.0) (== netstandard1.6)
    System.Collections.Concurrent (4.3) - restriction: || (&& (== net452) (< net45) (>= netstandard1.6)) (== netcoreapp3.0) (== netstandard1.6)
      System.Collections (>= 4.3) - restriction: || (&& (== net452) (< net45) (>= netstandard1.3)) (== netcoreapp3.0) (== netstandard1.6)
      System.Diagnostics.Debug (>= 4.3) - restriction: || (&& (== net452) (< net45) (>= netstandard1.3)) (== netcoreapp3.0) (== netstandard1.6)
      System.Diagnostics.Tracing (>= 4.3) - restriction: || (&& (== net452) (< net45) (>= netstandard1.3)) (== netcoreapp3.0) (== netstandard1.6)
      System.Globalization (>= 4.3) - restriction: || (&& (== net452) (< net45) (>= netstandard1.3)) (== netcoreapp3.0) (== netstandard1.6)
      System.Reflection (>= 4.3) - restriction: || (&& (== net452) (< net45) (>= netstandard1.3)) (== netcoreapp3.0) (== netstandard1.6)
      System.Resources.ResourceManager (>= 4.3) - restriction: || (&& (== net452) (< net45) (>= netstandard1.3)) (== netcoreapp3.0) (== netstandard1.6)
      System.Runtime (>= 4.3) - restriction: || (&& (== net452) (< net45)) (== netcoreapp3.0) (== netstandard1.6)
      System.Runtime.Extensions (>= 4.3) - restriction: || (&& (== net452) (< net45) (>= netstandard1.3)) (== netcoreapp3.0) (== netstandard1.6)
      System.Threading (>= 4.3) - restriction: || (&& (== net452) (< net45) (>= netstandard1.3)) (== netcoreapp3.0) (== netstandard1.6)
      System.Threading.Tasks (>= 4.3) - restriction: || (&& (== net452) (< net45)) (== netcoreapp3.0) (== netstandard1.6)
    System.Console (4.3.1) - restriction: || (&& (== net452) (< net45) (>= netstandard1.6)) (== netcoreapp3.0) (== netstandard1.6)
      Microsoft.NETCore.Platforms (>= 1.1) - restriction: || (&& (== net452) (>= netstandard1.3)) (== netcoreapp3.0) (== netstandard1.6)
      Microsoft.NETCore.Targets (>= 1.1.2) - restriction: || (&& (== net452) (>= netstandard1.3)) (== netcoreapp3.0) (== netstandard1.6)
      System.IO (>= 4.3) - restriction: || (&& (== net452) (>= netstandard1.3)) (== netcoreapp3.0) (== netstandard1.6)
      System.Runtime (>= 4.3) - restriction: || (&& (== net452) (>= netstandard1.3)) (== netcoreapp3.0) (== netstandard1.6)
      System.Text.Encoding (>= 4.3) - restriction: || (&& (== net452) (>= netstandard1.3)) (== netcoreapp3.0) (== netstandard1.6)
    System.Diagnostics.Debug (4.3) - restriction: || (&& (== net452) (< net45) (>= netstandard1.6)) (== netcoreapp3.0) (== netstandard1.6)
      Microsoft.NETCore.Platforms (>= 1.1) - restriction: || (&& (== net452) (< net45)) (== netcoreapp3.0) (== netstandard1.6)
      Microsoft.NETCore.Targets (>= 1.1) - restriction: || (&& (== net452) (< net45)) (== netcoreapp3.0) (== netstandard1.6)
      System.Runtime (>= 4.3) - restriction: || (&& (== net452) (< net45)) (== netcoreapp3.0) (== netstandard1.6)
    System.Diagnostics.DiagnosticSource (4.7) - restriction: || (&& (== net452) (< net45) (>= netstandard1.6)) (== netcoreapp3.0) (== netstandard1.6)
      System.Collections (>= 4.3) - restriction: || (&& (== net452) (== netcoreapp3.0)) (&& (== net452) (< net45)) (&& (== netcoreapp3.0) (< netstandard1.3)) (&& (== netcoreapp3.0) (< netstandard2.0)) (== netstandard1.6)
      System.Collections.Concurrent (>= 4.3) - restriction: || (&& (== net452) (== netcoreapp3.0)) (&& (== net452) (< net45)) (&& (== netcoreapp3.0) (< netstandard1.3)) (&& (== netcoreapp3.0) (< netstandard2.0)) (== netstandard1.6)
      System.Diagnostics.Debug (>= 4.3) - restriction: || (&& (== net452) (== netcoreapp3.0)) (&& (== net452) (< net45) (>= netstandard1.3)) (&& (== netcoreapp3.0) (< netstandard2.0)) (== netstandard1.6)
      System.Diagnostics.Tracing (>= 4.3) - restriction: || (&& (== net452) (== netcoreapp3.0)) (&& (== net452) (< net45)) (&& (== netcoreapp3.0) (< netstandard1.3)) (&& (== netcoreapp3.0) (< netstandard2.0)) (== netstandard1.6)
      System.Memory (>= 4.5.3) - restriction: || (== net452) (&& (== netcoreapp3.0) (>= net45) (< netstandard1.3)) (&& (== netcoreapp3.0) (>= net46)) (&& (== netcoreapp3.0) (< netcoreapp2.1)) (&& (== netcoreapp3.0) (< netstandard2.0)) (&& (== netcoreapp3.0) (>= uap10.1)) (== netstandard1.6)
      System.Reflection (>= 4.3) - restriction: || (&& (== net452) (== netcoreapp3.0)) (&& (== net452) (< net45)) (&& (== netcoreapp3.0) (< netstandard1.3)) (&& (== netcoreapp3.0) (< netstandard2.0)) (== netstandard1.6)
      System.Resources.ResourceManager (>= 4.3) - restriction: || (&& (== net452) (== netcoreapp3.0)) (&& (== net452) (< net45)) (&& (== netcoreapp3.0) (< netstandard1.3)) (&& (== netcoreapp3.0) (< netstandard2.0)) (== netstandard1.6)
      System.Runtime (>= 4.3) - restriction: || (&& (== net452) (== netcoreapp3.0)) (&& (== net452) (< net45)) (&& (== netcoreapp3.0) (< netstandard1.3)) (&& (== netcoreapp3.0) (< netstandard2.0)) (== netstandard1.6)
      System.Runtime.Extensions (>= 4.3) - restriction: || (&& (== net452) (== netcoreapp3.0)) (&& (== net452) (< net45) (>= netstandard1.3)) (&& (== netcoreapp3.0) (< netstandard2.0)) (== netstandard1.6)
      System.Runtime.InteropServices (>= 4.3) - restriction: || (&& (== net452) (== netcoreapp3.0)) (&& (== net452) (< net45)) (&& (== netcoreapp3.0) (< netstandard1.3)) (&& (== netcoreapp3.0) (< netstandard2.0)) (== netstandard1.6)
      System.Threading (>= 4.3) - restriction: || (&& (== net452) (== netcoreapp3.0)) (&& (== net452) (< net45)) (&& (== netcoreapp3.0) (< netstandard1.3)) (&& (== netcoreapp3.0) (< netstandard2.0)) (== netstandard1.6)
    System.Diagnostics.Tools (4.3) - restriction: || (&& (== net452) (< net45) (>= netstandard1.6)) (== netcoreapp3.0) (== netstandard1.6)
      Microsoft.NETCore.Platforms (>= 1.1) - restriction: || (&& (== net452) (< net45)) (== netcoreapp3.0) (== netstandard1.6)
      Microsoft.NETCore.Targets (>= 1.1) - restriction: || (&& (== net452) (< net45)) (== netcoreapp3.0) (== netstandard1.6)
      System.Runtime (>= 4.3) - restriction: || (&& (== net452) (< net45)) (== netcoreapp3.0) (== netstandard1.6)
    System.Diagnostics.Tracing (4.3) - restriction: || (&& (== net452) (< net45) (>= netstandard1.6)) (== netcoreapp3.0) (== netstandard1.6)
      Microsoft.NETCore.Platforms (>= 1.1) - restriction: || (&& (== net452) (< net45)) (== netcoreapp3.0) (== netstandard1.6)
      Microsoft.NETCore.Targets (>= 1.1) - restriction: || (&& (== net452) (< net45)) (== netcoreapp3.0) (== netstandard1.6)
      System.Runtime (>= 4.3) - restriction: || (&& (== net452) (< net45)) (== netcoreapp3.0) (== netstandard1.6)
    System.Globalization (4.3) - restriction: || (&& (== net452) (< net45) (>= netstandard1.6)) (== netcoreapp3.0) (== netstandard1.6)
      Microsoft.NETCore.Platforms (>= 1.1) - restriction: || (&& (== net452) (< net45)) (== netcoreapp3.0) (== netstandard1.6)
      Microsoft.NETCore.Targets (>= 1.1) - restriction: || (&& (== net452) (< net45)) (== netcoreapp3.0) (== netstandard1.6)
      System.Runtime (>= 4.3) - restriction: || (&& (== net452) (< net45)) (== netcoreapp3.0) (== netstandard1.6)
    System.Globalization.Calendars (4.3) - restriction: || (&& (== net452) (< net45) (>= netstandard1.6)) (== netcoreapp3.0) (== netstandard1.6)
      Microsoft.NETCore.Platforms (>= 1.1) - restriction: || (&& (== net452) (>= netstandard1.3)) (== netcoreapp3.0) (== netstandard1.6)
      Microsoft.NETCore.Targets (>= 1.1) - restriction: || (&& (== net452) (>= netstandard1.3)) (== netcoreapp3.0) (== netstandard1.6)
      System.Globalization (>= 4.3) - restriction: || (&& (== net452) (>= netstandard1.3)) (== netcoreapp3.0) (== netstandard1.6)
      System.Runtime (>= 4.3) - restriction: || (&& (== net452) (>= netstandard1.3)) (== netcoreapp3.0) (== netstandard1.6)
    System.Globalization.Extensions (4.3) - restriction: || (&& (== net452) (< net45) (>= netstandard1.6)) (== netcoreapp3.0) (== netstandard1.6)
      Microsoft.NETCore.Platforms (>= 1.1) - restriction: || (&& (== net452) (>= netstandard1.3)) (== netcoreapp3.0) (== netstandard1.6)
      System.Globalization (>= 4.3) - restriction: || (&& (== net452) (>= netstandard1.3)) (== netcoreapp3.0) (== netstandard1.6)
      System.Resources.ResourceManager (>= 4.3) - restriction: || (&& (== net452) (>= netstandard1.3)) (== netcoreapp3.0) (== netstandard1.6)
      System.Runtime (>= 4.3) - restriction: || (&& (== net452) (>= netstandard1.3)) (== netcoreapp3.0) (== netstandard1.6)
      System.Runtime.Extensions (>= 4.3) - restriction: || (&& (== net452) (>= netstandard1.3)) (== netcoreapp3.0) (== netstandard1.6)
      System.Runtime.InteropServices (>= 4.3) - restriction: || (&& (== net452) (>= netstandard1.3)) (== netcoreapp3.0) (== netstandard1.6)
    System.IO (4.3) - restriction: || (&& (== net452) (< net45) (>= netstandard1.6)) (== netcoreapp3.0) (== netstandard1.6)
      Microsoft.NETCore.Platforms (>= 1.1) - restriction: || (&& (== net452) (< net45)) (== netcoreapp3.0) (== netstandard1.6)
      Microsoft.NETCore.Targets (>= 1.1) - restriction: || (&& (== net452) (< net45)) (== netcoreapp3.0) (== netstandard1.6)
      System.Runtime (>= 4.3) - restriction: || (&& (== net452) (< net45)) (== netcoreapp3.0) (== netstandard1.6)
      System.Text.Encoding (>= 4.3) - restriction: || (&& (== net452) (< net45)) (== netcoreapp3.0) (== netstandard1.6)
      System.Threading.Tasks (>= 4.3) - restriction: || (&& (== net452) (< net45)) (== netcoreapp3.0) (== netstandard1.6)
    System.IO.FileSystem (4.3) - restriction: || (&& (== net452) (< net45) (>= netstandard1.6)) (== netcoreapp3.0) (== netstandard1.6)
      Microsoft.NETCore.Platforms (>= 1.1) - restriction: || (&& (== net452) (>= netstandard1.3)) (== netcoreapp3.0) (== netstandard1.6)
      Microsoft.NETCore.Targets (>= 1.1) - restriction: || (&& (== net452) (>= netstandard1.3)) (== netcoreapp3.0) (== netstandard1.6)
      System.IO (>= 4.3) - restriction: || (&& (== net452) (>= netstandard1.3)) (== netcoreapp3.0) (== netstandard1.6)
      System.IO.FileSystem.Primitives (>= 4.3) - restriction: || (&& (== net452) (>= net46)) (&& (== net452) (>= netstandard1.3)) (== netcoreapp3.0) (== netstandard1.6)
      System.Runtime (>= 4.3) - restriction: || (&& (== net452) (>= netstandard1.3)) (== netcoreapp3.0) (== netstandard1.6)
      System.Runtime.Handles (>= 4.3) - restriction: || (&& (== net452) (>= netstandard1.3)) (== netcoreapp3.0) (== netstandard1.6)
      System.Text.Encoding (>= 4.3) - restriction: || (&& (== net452) (>= netstandard1.3)) (== netcoreapp3.0) (== netstandard1.6)
      System.Threading.Tasks (>= 4.3) - restriction: || (&& (== net452) (>= netstandard1.3)) (== netcoreapp3.0) (== netstandard1.6)
    System.IO.FileSystem.Primitives (4.3) - restriction: || (&& (== net452) (< net45) (>= netstandard1.6)) (== netcoreapp3.0) (== netstandard1.6)
      System.Runtime (>= 4.3) - restriction: || (&& (== net452) (>= netstandard1.3)) (== netcoreapp3.0) (== netstandard1.6)
    System.Linq (4.3) - restriction: || (&& (== net452) (< net45) (>= netstandard1.6)) (== netcoreapp3.0) (== netstandard1.6)
      System.Collections (>= 4.3) - restriction: || (&& (== net452) (< net45)) (== netcoreapp3.0) (== netstandard1.6)
      System.Diagnostics.Debug (>= 4.3) - restriction: || (&& (== net452) (< net45) (>= netstandard1.6)) (== netcoreapp3.0) (== netstandard1.6)
      System.Resources.ResourceManager (>= 4.3) - restriction: || (&& (== net452) (< net45) (>= netstandard1.6)) (== netcoreapp3.0) (== netstandard1.6)
      System.Runtime (>= 4.3) - restriction: || (&& (== net452) (< net45)) (== netcoreapp3.0) (== netstandard1.6)
      System.Runtime.Extensions (>= 4.3) - restriction: || (&& (== net452) (< net45) (>= netstandard1.6)) (== netcoreapp3.0) (== netstandard1.6)
    System.Linq.Expressions (4.3) - restriction: || (&& (== net452) (< net45) (>= netstandard1.6)) (== netcoreapp3.0) (== netstandard1.6)
      System.Collections (>= 4.3) - restriction: || (&& (== net452) (< net45) (>= netstandard1.6)) (== netcoreapp3.0) (== netstandard1.6)
      System.Diagnostics.Debug (>= 4.3) - restriction: || (&& (== net452) (< net45) (>= netstandard1.6)) (== netcoreapp3.0) (== netstandard1.6)
      System.Globalization (>= 4.3) - restriction: || (&& (== net452) (< net45) (>= netstandard1.6)) (== netcoreapp3.0) (== netstandard1.6)
      System.IO (>= 4.3) - restriction: || (&& (== net452) (< net45) (>= netstandard1.6)) (== netcoreapp3.0) (== netstandard1.6)
      System.Linq (>= 4.3) - restriction: || (&& (== net452) (< net45) (>= netstandard1.6)) (== netcoreapp3.0) (== netstandard1.6)
      System.ObjectModel (>= 4.3) - restriction: || (&& (== net452) (< net45) (>= netstandard1.6)) (== netcoreapp3.0) (== netstandard1.6)
      System.Reflection (>= 4.3) - restriction: || (&& (== net452) (< net45)) (== netcoreapp3.0) (== netstandard1.6)
      System.Reflection.Emit (>= 4.3) - restriction: || (&& (== net452) (< net45) (>= netstandard1.6)) (== netcoreapp3.0) (== netstandard1.6)
      System.Reflection.Emit.ILGeneration (>= 4.3) - restriction: || (&& (== net452) (< net45) (>= netstandard1.6)) (== netcoreapp3.0) (== netstandard1.6)
      System.Reflection.Emit.Lightweight (>= 4.3) - restriction: || (&& (== net452) (< net45) (>= netstandard1.6)) (== netcoreapp3.0) (== netstandard1.6)
      System.Reflection.Extensions (>= 4.3) - restriction: || (&& (== net452) (< net45) (>= netstandard1.6)) (== netcoreapp3.0) (== netstandard1.6)
      System.Reflection.Primitives (>= 4.3) - restriction: || (&& (== net452) (< net45) (>= netstandard1.6)) (== netcoreapp3.0) (== netstandard1.6)
      System.Reflection.TypeExtensions (>= 4.3) - restriction: || (&& (== net452) (< net45) (>= netstandard1.6)) (== netcoreapp3.0) (== netstandard1.6)
      System.Resources.ResourceManager (>= 4.3) - restriction: || (&& (== net452) (< net45) (>= netstandard1.6)) (== netcoreapp3.0) (== netstandard1.6)
      System.Runtime (>= 4.3) - restriction: || (&& (== net452) (< net45)) (== netcoreapp3.0) (== netstandard1.6)
      System.Runtime.Extensions (>= 4.3) - restriction: || (&& (== net452) (< net45) (>= netstandard1.6)) (== netcoreapp3.0) (== netstandard1.6)
      System.Threading (>= 4.3) - restriction: || (&& (== net452) (< net45) (>= netstandard1.6)) (== netcoreapp3.0) (== netstandard1.6)
    System.Linq.Queryable (4.3) - restriction: || (&& (== net452) (< net45) (>= netstandard1.6)) (== netcoreapp3.0) (== netstandard1.6)
      System.Collections (>= 4.3) - restriction: || (&& (== net452) (< net45) (>= netstandard1.3)) (== netcoreapp3.0) (== netstandard1.6)
      System.Diagnostics.Debug (>= 4.3) - restriction: || (&& (== net452) (< net45) (>= netstandard1.3)) (== netcoreapp3.0) (== netstandard1.6)
      System.Linq (>= 4.3) - restriction: || (&& (== net452) (< net45)) (== netcoreapp3.0) (== netstandard1.6)
      System.Linq.Expressions (>= 4.3) - restriction: || (&& (== net452) (< net45)) (== netcoreapp3.0) (== netstandard1.6)
      System.Reflection (>= 4.3) - restriction: || (&& (== net452) (< net45) (>= netstandard1.3)) (== netcoreapp3.0) (== netstandard1.6)
      System.Reflection.Extensions (>= 4.3) - restriction: || (&& (== net452) (< net45) (>= netstandard1.3)) (== netcoreapp3.0) (== netstandard1.6)
      System.Resources.ResourceManager (>= 4.3) - restriction: || (&& (== net452) (< net45) (>= netstandard1.3)) (== netcoreapp3.0) (== netstandard1.6)
      System.Runtime (>= 4.3) - restriction: || (&& (== net452) (< net45)) (== netcoreapp3.0) (== netstandard1.6)
    System.Memory (4.5.3) - restriction: || (&& (== net452) (== netcoreapp3.0)) (&& (== net452) (< net45) (>= netstandard1.6)) (&& (== net452) (< net45) (>= netstandard2.0)) (&& (== net452) (>= netstandard1.6) (>= uap10.1)) (&& (== netcoreapp3.0) (>= net45) (< netstandard1.3)) (&& (== netcoreapp3.0) (>= net46)) (&& (== netcoreapp3.0) (< netcoreapp2.1)) (&& (== netcoreapp3.0) (< netstandard2.0)) (&& (== netcoreapp3.0) (>= uap10.1)) (== netstandard1.6)
      System.Buffers (>= 4.4) - restriction: || (== net452) (&& (== netcoreapp3.0) (>= monotouch)) (&& (== netcoreapp3.0) (>= net461)) (&& (== netcoreapp3.0) (< netcoreapp2.0)) (&& (== netcoreapp3.0) (< netstandard1.1)) (&& (== netcoreapp3.0) (< netstandard2.0)) (&& (== netcoreapp3.0) (>= xamarinios)) (&& (== netcoreapp3.0) (>= xamarinmac)) (&& (== netcoreapp3.0) (>= xamarintvos)) (&& (== netcoreapp3.0) (>= xamarinwatchos)) (== netstandard1.6)
      System.Diagnostics.Debug (>= 4.3) - restriction: || (&& (== net452) (== netcoreapp3.0)) (&& (== net452) (< net45)) (&& (== netcoreapp3.0) (< netstandard2.0)) (== netstandard1.6)
      System.Globalization (>= 4.3) - restriction: || (&& (== net452) (== netcoreapp3.0)) (&& (== net452) (< net45)) (&& (== netcoreapp3.0) (< netstandard2.0)) (== netstandard1.6)
      System.Reflection (>= 4.3) - restriction: || (&& (== net452) (== netcoreapp3.0)) (&& (== net452) (< net45)) (&& (== netcoreapp3.0) (< netstandard2.0)) (== netstandard1.6)
      System.Resources.ResourceManager (>= 4.3) - restriction: || (&& (== net452) (== netcoreapp3.0)) (&& (== net452) (< net45)) (&& (== netcoreapp3.0) (< netstandard2.0)) (== netstandard1.6)
      System.Runtime (>= 4.3) - restriction: || (&& (== net452) (== netcoreapp3.0)) (&& (== net452) (< net45)) (&& (== netcoreapp3.0) (< netstandard2.0)) (== netstandard1.6)
      System.Runtime.CompilerServices.Unsafe (>= 4.5.2) - restriction: || (== net452) (&& (== netcoreapp3.0) (>= monotouch)) (&& (== netcoreapp3.0) (>= net461)) (&& (== netcoreapp3.0) (< netcoreapp2.0)) (&& (== netcoreapp3.0) (< netcoreapp2.1)) (&& (== netcoreapp3.0) (< netstandard1.1)) (&& (== netcoreapp3.0) (< netstandard2.0)) (&& (== netcoreapp3.0) (>= uap10.1)) (&& (== netcoreapp3.0) (>= xamarinios)) (&& (== netcoreapp3.0) (>= xamarinmac)) (&& (== netcoreapp3.0) (>= xamarintvos)) (&& (== netcoreapp3.0) (>= xamarinwatchos)) (== netstandard1.6)
      System.Runtime.Extensions (>= 4.3) - restriction: || (&& (== net452) (== netcoreapp3.0)) (&& (== net452) (< net45)) (&& (== netcoreapp3.0) (< netstandard2.0)) (== netstandard1.6)
      System.Runtime.InteropServices (>= 4.3) - restriction: || (&& (== net452) (== netcoreapp3.0)) (&& (== net452) (< net45)) (&& (== netcoreapp3.0) (< netstandard2.0)) (== netstandard1.6)
    System.Net.Http (4.3.4) - restriction: || (&& (== net452) (< net45) (>= netstandard1.6)) (== netcoreapp3.0) (== netstandard1.6)
      Microsoft.NETCore.Platforms (>= 1.1.1) - restriction: || (&& (== net452) (< net45) (>= netstandard1.3)) (&& (== net452) (< net45) (>= netstandard1.6)) (== netcoreapp3.0) (== netstandard1.6)
      runtime.native.System (>= 4.3) - restriction: || (&& (== net452) (< net45) (>= netstandard1.6)) (== netcoreapp3.0) (== netstandard1.6)
      runtime.native.System.Net.Http (>= 4.3) - restriction: || (&& (== net452) (< net45) (>= netstandard1.6)) (== netcoreapp3.0) (== netstandard1.6)
      runtime.native.System.Security.Cryptography.OpenSsl (>= 4.3.2) - restriction: || (&& (== net452) (< net45) (>= netstandard1.6)) (== netcoreapp3.0) (== netstandard1.6)
      System.Collections (>= 4.3) - restriction: || (&& (== net452) (< net45) (>= netstandard1.3)) (&& (== net452) (< net45) (>= netstandard1.6)) (== netcoreapp3.0) (== netstandard1.6)
      System.Diagnostics.Debug (>= 4.3) - restriction: || (&& (== net452) (< net45) (>= netstandard1.3)) (&& (== net452) (< net45) (>= netstandard1.6)) (== netcoreapp3.0) (== netstandard1.6)
      System.Diagnostics.DiagnosticSource (>= 4.3) - restriction: || (&& (== net452) (< net45) (>= netstandard1.3)) (&& (== net452) (< net45) (>= netstandard1.6)) (== netcoreapp3.0) (== netstandard1.6)
      System.Diagnostics.Tracing (>= 4.3) - restriction: || (&& (== net452) (< net45) (>= netstandard1.3)) (&& (== net452) (< net45) (>= netstandard1.6)) (== netcoreapp3.0) (== netstandard1.6)
      System.Globalization (>= 4.3) - restriction: || (&& (== net452) (< net45) (>= netstandard1.3)) (&& (== net452) (< net45) (>= netstandard1.6)) (== netcoreapp3.0) (== netstandard1.6)
      System.Globalization.Extensions (>= 4.3) - restriction: || (&& (== net452) (< net45) (>= netstandard1.6)) (== netcoreapp3.0) (== netstandard1.6)
      System.IO (>= 4.3) - restriction: || (&& (== net452) (< net45)) (== netcoreapp3.0) (== netstandard1.6)
      System.IO.FileSystem (>= 4.3) - restriction: || (&& (== net452) (< net45) (>= netstandard1.6)) (== netcoreapp3.0) (== netstandard1.6)
      System.Net.Primitives (>= 4.3) - restriction: || (&& (== net452) (< net45)) (== netcoreapp3.0) (== netstandard1.6)
      System.Resources.ResourceManager (>= 4.3) - restriction: || (&& (== net452) (< net45) (>= netstandard1.3)) (&& (== net452) (< net45) (>= netstandard1.6)) (== netcoreapp3.0) (== netstandard1.6)
      System.Runtime (>= 4.3) - restriction: || (&& (== net452) (< net45)) (== netcoreapp3.0) (== netstandard1.6)
      System.Runtime.Extensions (>= 4.3) - restriction: || (&& (== net452) (< net45) (>= netstandard1.3)) (&& (== net452) (< net45) (>= netstandard1.6)) (== netcoreapp3.0) (== netstandard1.6)
      System.Runtime.Handles (>= 4.3) - restriction: || (&& (== net452) (< net45) (>= netstandard1.3)) (&& (== net452) (< net45) (>= netstandard1.6)) (== netcoreapp3.0) (== netstandard1.6)
      System.Runtime.InteropServices (>= 4.3) - restriction: || (&& (== net452) (< net45) (>= netstandard1.3)) (&& (== net452) (< net45) (>= netstandard1.6)) (== netcoreapp3.0) (== netstandard1.6)
      System.Security.Cryptography.Algorithms (>= 4.3) - restriction: || (&& (== net452) (< net45) (>= netstandard1.6)) (== netcoreapp3.0) (== netstandard1.6)
      System.Security.Cryptography.Encoding (>= 4.3) - restriction: || (&& (== net452) (< net45) (>= netstandard1.3)) (&& (== net452) (< net45) (>= netstandard1.6)) (== netcoreapp3.0) (== netstandard1.6)
      System.Security.Cryptography.OpenSsl (>= 4.3) - restriction: || (&& (== net452) (< net45) (>= netstandard1.6)) (== netcoreapp3.0) (== netstandard1.6)
      System.Security.Cryptography.Primitives (>= 4.3) - restriction: || (&& (== net452) (< net45) (>= netstandard1.6)) (== netcoreapp3.0) (== netstandard1.6)
      System.Security.Cryptography.X509Certificates (>= 4.3) - restriction: || (&& (== net452) (< net45) (>= netstandard1.3)) (&& (== net452) (< net45) (>= netstandard1.6)) (&& (== net452) (>= net46)) (== netcoreapp3.0) (== netstandard1.6)
      System.Text.Encoding (>= 4.3) - restriction: || (&& (== net452) (< net45)) (== netcoreapp3.0) (== netstandard1.6)
      System.Threading (>= 4.3) - restriction: || (&& (== net452) (< net45) (>= netstandard1.3)) (&& (== net452) (< net45) (>= netstandard1.6)) (== netcoreapp3.0) (== netstandard1.6)
      System.Threading.Tasks (>= 4.3) - restriction: || (&& (== net452) (< net45)) (== netcoreapp3.0) (== netstandard1.6)
    System.Net.Primitives (4.3.1) - restriction: || (&& (== net452) (< net45) (>= netstandard1.6)) (&& (== net452) (< netstandard1.1) (>= netstandard1.6)) (== netcoreapp3.0) (== netstandard1.6)
      Microsoft.NETCore.Platforms (>= 1.1.1) - restriction: || (&& (== net452) (< net45)) (&& (== net452) (< netstandard1.1)) (== netcoreapp3.0) (== netstandard1.6)
      Microsoft.NETCore.Targets (>= 1.1.3) - restriction: || (&& (== net452) (< net45)) (&& (== net452) (< netstandard1.1)) (== netcoreapp3.0) (== netstandard1.6)
      System.Runtime (>= 4.3.1) - restriction: || (&& (== net452) (< net45)) (&& (== net452) (< netstandard1.1)) (== netcoreapp3.0) (== netstandard1.6)
      System.Runtime.Handles (>= 4.3) - restriction: || (&& (== net452) (< net45) (>= netstandard1.3)) (== netcoreapp3.0) (== netstandard1.6)
    System.Net.Requests (4.3) - restriction: || (&& (== net452) (< net45) (>= netstandard1.6)) (== netcoreapp3.0) (== netstandard1.6)
      Microsoft.NETCore.Platforms (>= 1.1) - restriction: || (&& (== net452) (< net45) (>= netstandard1.3)) (== netcoreapp3.0) (== netstandard1.6)
      System.Collections (>= 4.3) - restriction: || (&& (== net452) (< net45) (>= netstandard1.3)) (== netcoreapp3.0) (== netstandard1.6)
      System.Diagnostics.Debug (>= 4.3) - restriction: || (&& (== net452) (< net45) (>= netstandard1.3)) (== netcoreapp3.0) (== netstandard1.6)
      System.Diagnostics.Tracing (>= 4.3) - restriction: || (&& (== net452) (< net45) (>= netstandard1.3)) (== netcoreapp3.0) (== netstandard1.6)
      System.Globalization (>= 4.3) - restriction: || (&& (== net452) (< net45) (>= netstandard1.3)) (== netcoreapp3.0) (== netstandard1.6)
      System.IO (>= 4.3) - restriction: || (&& (== net452) (< net45)) (&& (== net452) (< netstandard1.1)) (== netcoreapp3.0) (== netstandard1.6)
      System.Net.Http (>= 4.3) - restriction: || (&& (== net452) (< net45) (>= netstandard1.3)) (== netcoreapp3.0) (== netstandard1.6)
      System.Net.Primitives (>= 4.3) - restriction: || (&& (== net452) (< net45)) (&& (== net452) (< netstandard1.1)) (== netcoreapp3.0) (== netstandard1.6)
      System.Net.WebHeaderCollection (>= 4.3) - restriction: || (&& (== net452) (< net45) (>= netstandard1.3)) (== netcoreapp3.0) (== netstandard1.6)
      System.Resources.ResourceManager (>= 4.3) - restriction: || (&& (== net452) (< net45) (>= netstandard1.3)) (== netcoreapp3.0) (== netstandard1.6)
      System.Runtime (>= 4.3) - restriction: || (&& (== net452) (< net45)) (&& (== net452) (< netstandard1.1)) (== netcoreapp3.0) (== netstandard1.6)
      System.Threading (>= 4.3) - restriction: || (&& (== net452) (< net45) (>= netstandard1.3)) (== netcoreapp3.0) (== netstandard1.6)
      System.Threading.Tasks (>= 4.3) - restriction: || (&& (== net452) (< net45)) (== netcoreapp3.0) (== netstandard1.6)
    System.Net.WebHeaderCollection (4.3) - restriction: || (&& (== net452) (< net45) (>= netstandard1.6)) (== netcoreapp3.0) (== netstandard1.6)
      System.Collections (>= 4.3) - restriction: || (&& (== net452) (>= netstandard1.3)) (== netcoreapp3.0) (== netstandard1.6)
      System.Resources.ResourceManager (>= 4.3) - restriction: || (&& (== net452) (>= netstandard1.3)) (== netcoreapp3.0) (== netstandard1.6)
      System.Runtime (>= 4.3) - restriction: || (&& (== net452) (>= netstandard1.3)) (== netcoreapp3.0) (== netstandard1.6)
      System.Runtime.Extensions (>= 4.3) - restriction: || (&& (== net452) (>= netstandard1.3)) (== netcoreapp3.0) (== netstandard1.6)
    System.ObjectModel (4.3) - restriction: || (&& (== net452) (< net45) (>= netstandard1.6)) (== netcoreapp3.0) (== netstandard1.6)
      System.Collections (>= 4.3) - restriction: || (&& (== net452) (< net45) (>= netstandard1.3)) (== netcoreapp3.0) (== netstandard1.6)
      System.Diagnostics.Debug (>= 4.3) - restriction: || (&& (== net452) (< net45) (>= netstandard1.3)) (== netcoreapp3.0) (== netstandard1.6)
      System.Resources.ResourceManager (>= 4.3) - restriction: || (&& (== net452) (< net45) (>= netstandard1.3)) (== netcoreapp3.0) (== netstandard1.6)
      System.Runtime (>= 4.3) - restriction: || (&& (== net452) (< net45)) (== netcoreapp3.0) (== netstandard1.6)
      System.Threading (>= 4.3) - restriction: || (&& (== net452) (< net45) (>= netstandard1.3)) (== netcoreapp3.0) (== netstandard1.6)
    System.Reflection (4.3) - restriction: || (&& (== net452) (< net45) (>= netstandard1.6)) (== netcoreapp3.0) (== netstandard1.6)
      Microsoft.NETCore.Platforms (>= 1.1) - restriction: || (&& (== net452) (< net45)) (== netcoreapp3.0) (== netstandard1.6)
      Microsoft.NETCore.Targets (>= 1.1) - restriction: || (&& (== net452) (< net45)) (== netcoreapp3.0) (== netstandard1.6)
      System.IO (>= 4.3) - restriction: || (&& (== net452) (< net45)) (== netcoreapp3.0) (== netstandard1.6)
      System.Reflection.Primitives (>= 4.3) - restriction: || (&& (== net452) (< net45)) (== netcoreapp3.0) (== netstandard1.6)
      System.Runtime (>= 4.3) - restriction: || (&& (== net452) (< net45)) (== netcoreapp3.0) (== netstandard1.6)
    System.Reflection.Emit (4.7) - restriction: || (&& (== net452) (< net45) (>= netstandard1.6)) (== netcoreapp3.0) (== netstandard1.6)
      System.IO (>= 4.3) - restriction: || (&& (== net452) (== netcoreapp3.0)) (&& (== net452) (< net45)) (&& (== netcoreapp3.0) (< netstandard2.0)) (== netstandard1.6)
      System.Reflection (>= 4.3) - restriction: || (&& (== net452) (== netcoreapp3.0)) (&& (== net452) (< net45)) (&& (== netcoreapp3.0) (< netstandard2.0)) (== netstandard1.6)
      System.Reflection.Emit.ILGeneration (>= 4.7) - restriction: || (&& (== net452) (== netcoreapp3.0)) (&& (== net452) (< net45)) (&& (== net452) (< netstandard1.1)) (&& (== net452) (>= uap10.1)) (&& (== net452) (>= wpa81)) (&& (== netcoreapp3.0) (< netcoreapp2.0) (< netstandard2.1)) (&& (== netcoreapp3.0) (< netstandard1.1)) (&& (== netcoreapp3.0) (< netstandard2.0)) (&& (== netcoreapp3.0) (>= uap10.1)) (== netstandard1.6)
      System.Reflection.Primitives (>= 4.3) - restriction: || (&& (== net452) (== netcoreapp3.0)) (&& (== net452) (< net45)) (&& (== netcoreapp3.0) (< netstandard2.0)) (== netstandard1.6)
      System.Resources.ResourceManager (>= 4.3) - restriction: || (&& (== net452) (== netcoreapp3.0)) (&& (== net452) (< net45)) (&& (== netcoreapp3.0) (< netstandard2.0)) (== netstandard1.6)
      System.Runtime (>= 4.3) - restriction: || (&& (== net452) (== netcoreapp3.0)) (&& (== net452) (< net45)) (&& (== netcoreapp3.0) (< netstandard2.0)) (== netstandard1.6)
      System.Runtime.InteropServices (>= 4.3) - restriction: || (&& (== net452) (== netcoreapp3.0)) (&& (== net452) (< net45)) (&& (== netcoreapp3.0) (< netstandard2.0)) (== netstandard1.6)
    System.Reflection.Emit.ILGeneration (4.7) - restriction: || (&& (== net452) (< net45) (>= netstandard1.6)) (&& (== net452) (< net45) (>= netstandard2.0)) (&& (== net452) (< netstandard1.1) (>= netstandard1.6)) (&& (== net452) (>= netstandard1.6) (>= uap10.1)) (&& (== net452) (>= netstandard1.6) (>= wpa81)) (== netcoreapp3.0) (== netstandard1.6)
      System.Reflection (>= 4.3) - restriction: || (&& (== net452) (== netcoreapp3.0)) (&& (== net452) (< net45)) (&& (== netcoreapp3.0) (< netstandard2.0)) (== netstandard1.6)
      System.Reflection.Primitives (>= 4.3) - restriction: || (&& (== net452) (== netcoreapp3.0)) (&& (== net452) (< net45)) (&& (== netcoreapp3.0) (< netstandard2.0)) (== netstandard1.6)
      System.Resources.ResourceManager (>= 4.3) - restriction: || (&& (== net452) (== netcoreapp3.0)) (&& (== net452) (< net45)) (&& (== netcoreapp3.0) (< netstandard2.0)) (== netstandard1.6)
      System.Runtime (>= 4.3) - restriction: || (&& (== net452) (== netcoreapp3.0)) (&& (== net452) (< net45)) (&& (== netcoreapp3.0) (< netstandard2.0)) (== netstandard1.6)
    System.Reflection.Emit.Lightweight (4.7) - restriction: || (&& (== net452) (< net45) (>= netstandard1.6)) (== netcoreapp3.0) (== netstandard1.6)
      System.Reflection (>= 4.3) - restriction: || (&& (== net452) (== netcoreapp3.0)) (&& (== net452) (< net45)) (&& (== netcoreapp3.0) (< netstandard2.0)) (== netstandard1.6)
      System.Reflection.Emit.ILGeneration (>= 4.7) - restriction: || (&& (== net452) (== netcoreapp3.0)) (&& (== net452) (< net45)) (&& (== net452) (< portable-net45+wp8)) (&& (== net452) (>= uap10.1)) (&& (== net452) (>= wpa81)) (&& (== netcoreapp3.0) (< netcoreapp2.0) (< netstandard2.1)) (&& (== netcoreapp3.0) (< netstandard2.0)) (&& (== netcoreapp3.0) (< portable-net45+wp8)) (&& (== netcoreapp3.0) (>= uap10.1)) (== netstandard1.6)
      System.Reflection.Primitives (>= 4.3) - restriction: || (&& (== net452) (== netcoreapp3.0)) (&& (== net452) (< net45)) (&& (== netcoreapp3.0) (< netstandard2.0)) (== netstandard1.6)
      System.Resources.ResourceManager (>= 4.3) - restriction: || (&& (== net452) (== netcoreapp3.0)) (&& (== net452) (< net45)) (&& (== netcoreapp3.0) (< netstandard2.0)) (== netstandard1.6)
      System.Runtime (>= 4.3) - restriction: || (&& (== net452) (== netcoreapp3.0)) (&& (== net452) (< net45)) (&& (== netcoreapp3.0) (< netstandard2.0)) (== netstandard1.6)
    System.Reflection.Extensions (4.3) - restriction: || (&& (== net452) (< net45) (>= netstandard1.6)) (== netcoreapp3.0) (== netstandard1.6)
      Microsoft.NETCore.Platforms (>= 1.1) - restriction: || (&& (== net452) (< net45)) (== netcoreapp3.0) (== netstandard1.6)
      Microsoft.NETCore.Targets (>= 1.1) - restriction: || (&& (== net452) (< net45)) (== netcoreapp3.0) (== netstandard1.6)
      System.Reflection (>= 4.3) - restriction: || (&& (== net452) (< net45)) (== netcoreapp3.0) (== netstandard1.6)
      System.Runtime (>= 4.3) - restriction: || (&& (== net452) (< net45)) (== netcoreapp3.0) (== netstandard1.6)
    System.Reflection.Primitives (4.3) - restriction: || (&& (== net452) (< net45) (>= netstandard1.6)) (== netcoreapp3.0) (== netstandard1.6)
      Microsoft.NETCore.Platforms (>= 1.1) - restriction: || (&& (== net452) (< net45)) (== netcoreapp3.0) (== netstandard1.6)
      Microsoft.NETCore.Targets (>= 1.1) - restriction: || (&& (== net452) (< net45)) (== netcoreapp3.0) (== netstandard1.6)
      System.Runtime (>= 4.3) - restriction: || (&& (== net452) (< net45)) (== netcoreapp3.0) (== netstandard1.6)
    System.Reflection.TypeExtensions (4.7) - restriction: || (&& (== net452) (< net45) (>= netstandard1.6)) (== netcoreapp3.0) (== netstandard1.6)
      System.Reflection (>= 4.3) - restriction: || (&& (== net452) (== netcoreapp3.0)) (&& (== net452) (>= netstandard1.3)) (&& (== net452) (>= netstandard1.5)) (&& (== netcoreapp3.0) (< netstandard1.5)) (&& (== netcoreapp3.0) (< netstandard2.0)) (== netstandard1.6)
      System.Resources.ResourceManager (>= 4.3) - restriction: || (&& (== net452) (== netcoreapp3.0)) (&& (== net452) (>= netstandard1.3)) (&& (== net452) (>= netstandard1.5)) (&& (== netcoreapp3.0) (< netstandard1.5)) (&& (== netcoreapp3.0) (< netstandard2.0)) (== netstandard1.6)
      System.Runtime (>= 4.3) - restriction: || (&& (== net452) (== netcoreapp3.0)) (&& (== net452) (>= netstandard1.3)) (&& (== net452) (>= netstandard1.5)) (&& (== netcoreapp3.0) (< netstandard1.5)) (&& (== netcoreapp3.0) (< netstandard2.0)) (== netstandard1.6)
    System.Resources.ResourceManager (4.3) - restriction: || (&& (== net452) (< net45) (>= netstandard1.6)) (== netcoreapp3.0) (== netstandard1.6)
      Microsoft.NETCore.Platforms (>= 1.1) - restriction: || (&& (== net452) (< net45)) (== netcoreapp3.0) (== netstandard1.6)
      Microsoft.NETCore.Targets (>= 1.1) - restriction: || (&& (== net452) (< net45)) (== netcoreapp3.0) (== netstandard1.6)
      System.Globalization (>= 4.3) - restriction: || (&& (== net452) (< net45)) (== netcoreapp3.0) (== netstandard1.6)
      System.Reflection (>= 4.3) - restriction: || (&& (== net452) (< net45)) (== netcoreapp3.0) (== netstandard1.6)
      System.Runtime (>= 4.3) - restriction: || (&& (== net452) (< net45)) (== netcoreapp3.0) (== netstandard1.6)
    System.Runtime (4.3.1) - restriction: || (&& (== net452) (< net45) (>= netstandard1.6)) (&& (== net452) (>= netcoreapp1.1)) (== netcoreapp3.0) (== netstandard1.6)
      Microsoft.NETCore.Platforms (>= 1.1.1) - restriction: || (&& (== net452) (< net45)) (== netcoreapp3.0) (== netstandard1.6)
      Microsoft.NETCore.Targets (>= 1.1.3) - restriction: || (&& (== net452) (< net45)) (== netcoreapp3.0) (== netstandard1.6)
    System.Runtime.CompilerServices.Unsafe (4.7) - restriction: || (&& (== net452) (== netcoreapp3.0)) (&& (== net452) (>= monoandroid) (>= netstandard1.6)) (&& (== net452) (>= monoandroid) (>= netstandard2.0)) (&& (== net452) (>= monotouch)) (&& (== net452) (< net45) (>= netstandard1.6)) (&& (== net452) (< net45) (>= netstandard2.0)) (&& (== net452) (>= netcoreapp2.0)) (&& (== net452) (< netstandard1.1) (>= netstandard1.6)) (&& (== net452) (< netstandard1.1) (>= netstandard2.0)) (&& (== net452) (>= netstandard1.6) (>= uap10.1)) (&& (== net452) (>= netstandard1.6) (>= wpa81)) (&& (== net452) (>= netstandard2.0) (>= uap10.1)) (&& (== net452) (>= netstandard2.0) (>= wpa81)) (&& (== net452) (>= xamarinios)) (&& (== net452) (>= xamarinmac)) (&& (== net452) (>= xamarintvos)) (&& (== net452) (>= xamarinwatchos)) (&& (== netcoreapp3.0) (>= monotouch)) (&& (== netcoreapp3.0) (>= net45) (< netstandard1.3)) (&& (== netcoreapp3.0) (>= net46)) (&& (== netcoreapp3.0) (>= net461)) (&& (== netcoreapp3.0) (< netcoreapp2.0)) (&& (== netcoreapp3.0) (< netcoreapp2.1)) (&& (== netcoreapp3.0) (< netstandard1.1)) (&& (== netcoreapp3.0) (< netstandard2.0)) (&& (== netcoreapp3.0) (>= uap10.1)) (&& (== netcoreapp3.0) (>= xamarinios)) (&& (== netcoreapp3.0) (>= xamarinmac)) (&& (== netcoreapp3.0) (>= xamarintvos)) (&& (== netcoreapp3.0) (>= xamarinwatchos)) (== netstandard1.6)
      System.Runtime (>= 4.3) - restriction: || (&& (== net452) (== netcoreapp3.0)) (&& (== net452) (< net45)) (&& (== netcoreapp3.0) (< netstandard2.0)) (== netstandard1.6)
    System.Runtime.Extensions (4.3.1) - restriction: || (&& (== net452) (< net45) (>= netstandard1.6)) (== netcoreapp3.0) (== netstandard1.6)
      Microsoft.NETCore.Platforms (>= 1.1.1) - restriction: || (&& (== net452) (< net45)) (== netcoreapp3.0) (== netstandard1.6)
      Microsoft.NETCore.Targets (>= 1.1.3) - restriction: || (&& (== net452) (< net45)) (== netcoreapp3.0) (== netstandard1.6)
      System.Runtime (>= 4.3.1) - restriction: || (&& (== net452) (< net45)) (== netcoreapp3.0) (== netstandard1.6)
    System.Runtime.Handles (4.3) - restriction: || (&& (== net452) (< net45) (>= netstandard1.6)) (== netcoreapp3.0) (== netstandard1.6)
      Microsoft.NETCore.Platforms (>= 1.1) - restriction: || (&& (== net452) (>= netstandard1.3)) (== netcoreapp3.0) (== netstandard1.6)
      Microsoft.NETCore.Targets (>= 1.1) - restriction: || (&& (== net452) (>= netstandard1.3)) (== netcoreapp3.0) (== netstandard1.6)
      System.Runtime (>= 4.3) - restriction: || (&& (== net452) (>= netstandard1.3)) (== netcoreapp3.0) (== netstandard1.6)
    System.Runtime.InteropServices (4.3) - restriction: || (&& (== net452) (< net45) (>= netstandard1.6)) (== netcoreapp3.0) (== netstandard1.6)
      Microsoft.NETCore.Platforms (>= 1.1) - restriction: || (&& (== net452) (< net45)) (&& (== net452) (>= netcoreapp1.1)) (== netcoreapp3.0) (== netstandard1.6)
      Microsoft.NETCore.Targets (>= 1.1) - restriction: || (&& (== net452) (< net45)) (&& (== net452) (>= netcoreapp1.1)) (== netcoreapp3.0) (== netstandard1.6)
      System.Reflection (>= 4.3) - restriction: || (&& (== net452) (< net45)) (&& (== net452) (>= netcoreapp1.1)) (== netcoreapp3.0) (== netstandard1.6)
      System.Reflection.Primitives (>= 4.3) - restriction: || (&& (== net452) (< net45)) (&& (== net452) (>= netcoreapp1.1)) (== netcoreapp3.0) (== netstandard1.6)
      System.Runtime (>= 4.3) - restriction: || (&& (== net452) (< net45)) (&& (== net452) (>= net462)) (&& (== net452) (>= netcoreapp1.1)) (== netcoreapp3.0) (== netstandard1.6)
      System.Runtime.Handles (>= 4.3) - restriction: || (&& (== net452) (< net45) (>= netstandard1.3)) (&& (== net452) (< net45) (>= netstandard1.5)) (&& (== net452) (>= netcoreapp1.1)) (== netcoreapp3.0) (== netstandard1.6)
    System.Runtime.Numerics (4.3) - restriction: || (&& (== net452) (< net45) (>= netstandard1.6)) (== netcoreapp3.0) (== netstandard1.6)
      System.Globalization (>= 4.3) - restriction: || (&& (== net452) (< net45) (>= netstandard1.3)) (== netcoreapp3.0) (== netstandard1.6)
      System.Resources.ResourceManager (>= 4.3) - restriction: || (&& (== net452) (< net45) (>= netstandard1.3)) (== netcoreapp3.0) (== netstandard1.6)
      System.Runtime (>= 4.3) - restriction: || (&& (== net452) (< net45)) (== netcoreapp3.0) (== netstandard1.6)
      System.Runtime.Extensions (>= 4.3) - restriction: || (&& (== net452) (< net45) (>= netstandard1.3)) (== netcoreapp3.0) (== netstandard1.6)
    System.Security.Cryptography.Algorithms (4.3.1) - restriction: || (&& (== net452) (< net45) (>= netstandard1.6)) (== netcoreapp3.0) (== netstandard1.6)
      Microsoft.NETCore.Platforms (>= 1.1) - restriction: || (&& (== net452) (>= netstandard1.6)) (== netcoreapp3.0) (== netstandard1.6)
      runtime.native.System.Security.Cryptography.Apple (>= 4.3.1) - restriction: || (&& (== net452) (>= netstandard1.6)) (== netcoreapp3.0) (== netstandard1.6)
      runtime.native.System.Security.Cryptography.OpenSsl (>= 4.3.2) - restriction: || (&& (== net452) (>= netstandard1.6)) (== netcoreapp3.0) (== netstandard1.6)
      System.Collections (>= 4.3) - restriction: || (&& (== net452) (>= netstandard1.6)) (== netcoreapp3.0) (== netstandard1.6)
      System.IO (>= 4.3) - restriction: || (&& (== net452) (>= net463)) (&& (== net452) (>= netstandard1.3)) (&& (== net452) (>= netstandard1.4)) (&& (== net452) (>= netstandard1.6)) (== netcoreapp3.0) (== netstandard1.6)
      System.Resources.ResourceManager (>= 4.3) - restriction: || (&& (== net452) (>= netstandard1.6)) (== netcoreapp3.0) (== netstandard1.6)
      System.Runtime (>= 4.3) - restriction: || (&& (== net452) (>= net463)) (&& (== net452) (>= netstandard1.3)) (&& (== net452) (>= netstandard1.4)) (&& (== net452) (>= netstandard1.6)) (== netcoreapp3.0) (== netstandard1.6)
      System.Runtime.Extensions (>= 4.3) - restriction: || (&& (== net452) (>= netstandard1.6)) (== netcoreapp3.0) (== netstandard1.6)
      System.Runtime.Handles (>= 4.3) - restriction: || (&& (== net452) (>= netstandard1.6)) (== netcoreapp3.0) (== netstandard1.6)
      System.Runtime.InteropServices (>= 4.3) - restriction: || (&& (== net452) (>= netstandard1.6)) (== netcoreapp3.0) (== netstandard1.6)
      System.Runtime.Numerics (>= 4.3) - restriction: || (&& (== net452) (>= netstandard1.6)) (== netcoreapp3.0) (== netstandard1.6)
      System.Security.Cryptography.Encoding (>= 4.3) - restriction: || (&& (== net452) (>= net463)) (&& (== net452) (>= netstandard1.6)) (== netcoreapp3.0) (== netstandard1.6)
      System.Security.Cryptography.Primitives (>= 4.3) - restriction: || (&& (== net452) (>= net46)) (&& (== net452) (>= net461)) (&& (== net452) (>= net463)) (&& (== net452) (>= netstandard1.3)) (&& (== net452) (>= netstandard1.4)) (&& (== net452) (>= netstandard1.6)) (== netcoreapp3.0) (== netstandard1.6)
      System.Text.Encoding (>= 4.3) - restriction: || (&& (== net452) (>= netstandard1.6)) (== netcoreapp3.0) (== netstandard1.6)
    System.Security.Cryptography.Cng (4.7) - restriction: || (&& (== net452) (< net45) (>= netstandard1.6)) (== netcoreapp3.0) (== netstandard1.6)
      System.IO (>= 4.3) - restriction: || (&& (== net452) (== netcoreapp3.0)) (&& (== net452) (>= netstandard1.3)) (&& (== net452) (>= netstandard1.4)) (&& (== net452) (>= netstandard1.6)) (&& (== netcoreapp3.0) (< netstandard1.4)) (&& (== netcoreapp3.0) (< netstandard1.6)) (&& (== netcoreapp3.0) (< netstandard2.0)) (== netstandard1.6)
      System.Resources.ResourceManager (>= 4.3) - restriction: || (&& (== net452) (== netcoreapp3.0)) (&& (== net452) (>= netstandard1.3)) (&& (== net452) (>= netstandard1.4)) (&& (== net452) (>= netstandard1.6)) (&& (== netcoreapp3.0) (< netstandard1.4)) (&& (== netcoreapp3.0) (< netstandard1.6)) (&& (== netcoreapp3.0) (< netstandard2.0)) (== netstandard1.6)
      System.Runtime (>= 4.3) - restriction: || (&& (== net452) (== netcoreapp3.0)) (&& (== net452) (>= netstandard1.3)) (&& (== net452) (>= netstandard1.4)) (&& (== net452) (>= netstandard1.6)) (&& (== netcoreapp3.0) (< netstandard1.4)) (&& (== netcoreapp3.0) (< netstandard1.6)) (&& (== netcoreapp3.0) (< netstandard2.0)) (== netstandard1.6)
      System.Runtime.Extensions (>= 4.3) - restriction: || (&& (== net452) (== netcoreapp3.0)) (&& (== net452) (>= netstandard1.4)) (&& (== net452) (>= netstandard1.6)) (&& (== netcoreapp3.0) (< netstandard1.6)) (&& (== netcoreapp3.0) (< netstandard2.0)) (== netstandard1.6)
      System.Runtime.Handles (>= 4.3) - restriction: || (&& (== net452) (== netcoreapp3.0)) (&& (== net452) (>= netstandard1.3)) (&& (== net452) (>= netstandard1.4)) (&& (== net452) (>= netstandard1.6)) (&& (== netcoreapp3.0) (< netstandard1.4)) (&& (== netcoreapp3.0) (< netstandard1.6)) (&& (== netcoreapp3.0) (< netstandard2.0)) (== netstandard1.6)
      System.Runtime.InteropServices (>= 4.3) - restriction: || (&& (== net452) (== netcoreapp3.0)) (&& (== net452) (>= netstandard1.3)) (&& (== net452) (>= netstandard1.4)) (&& (== net452) (>= netstandard1.6)) (&& (== netcoreapp3.0) (< netstandard1.4)) (&& (== netcoreapp3.0) (< netstandard1.6)) (&& (== netcoreapp3.0) (< netstandard2.0)) (== netstandard1.6)
      System.Security.Cryptography.Algorithms (>= 4.3) - restriction: || (&& (== net452) (== netcoreapp3.0)) (&& (== net452) (>= net46)) (&& (== net452) (>= netstandard1.3)) (&& (== net452) (>= netstandard1.4)) (&& (== net452) (>= netstandard1.6)) (&& (== netcoreapp3.0) (< netstandard1.4)) (&& (== netcoreapp3.0) (< netstandard1.6)) (&& (== netcoreapp3.0) (< netstandard2.0)) (== netstandard1.6)
      System.Security.Cryptography.Encoding (>= 4.3) - restriction: || (&& (== net452) (== netcoreapp3.0)) (&& (== net452) (>= netstandard1.4)) (&& (== net452) (>= netstandard1.6)) (&& (== netcoreapp3.0) (< netstandard1.6)) (&& (== netcoreapp3.0) (< netstandard2.0)) (== netstandard1.6)
      System.Security.Cryptography.Primitives (>= 4.3) - restriction: || (&& (== net452) (== netcoreapp3.0)) (&& (== net452) (>= net46)) (&& (== net452) (>= netstandard1.3)) (&& (== net452) (>= netstandard1.4)) (&& (== net452) (>= netstandard1.6)) (&& (== netcoreapp3.0) (< netstandard1.4)) (&& (== netcoreapp3.0) (< netstandard1.6)) (&& (== netcoreapp3.0) (< netstandard2.0)) (== netstandard1.6)
      System.Text.Encoding (>= 4.3) - restriction: || (&& (== net452) (== netcoreapp3.0)) (&& (== net452) (>= netstandard1.4)) (&& (== net452) (>= netstandard1.6)) (&& (== netcoreapp3.0) (< netstandard1.6)) (&& (== netcoreapp3.0) (< netstandard2.0)) (== netstandard1.6)
    System.Security.Cryptography.Csp (4.3) - restriction: || (&& (== net452) (< net45) (>= netstandard1.6)) (== netcoreapp3.0) (== netstandard1.6)
      Microsoft.NETCore.Platforms (>= 1.1) - restriction: || (&& (== net452) (>= netstandard1.3)) (== netcoreapp3.0) (== netstandard1.6)
      System.IO (>= 4.3) - restriction: || (&& (== net452) (>= netstandard1.3)) (== netcoreapp3.0) (== netstandard1.6)
      System.Reflection (>= 4.3) - restriction: || (&& (== net452) (>= netstandard1.3)) (== netcoreapp3.0) (== netstandard1.6)
      System.Resources.ResourceManager (>= 4.3) - restriction: || (&& (== net452) (>= netstandard1.3)) (== netcoreapp3.0) (== netstandard1.6)
      System.Runtime (>= 4.3) - restriction: || (&& (== net452) (>= netstandard1.3)) (== netcoreapp3.0) (== netstandard1.6)
      System.Runtime.Extensions (>= 4.3) - restriction: || (&& (== net452) (>= netstandard1.3)) (== netcoreapp3.0) (== netstandard1.6)
      System.Runtime.Handles (>= 4.3) - restriction: || (&& (== net452) (>= netstandard1.3)) (== netcoreapp3.0) (== netstandard1.6)
      System.Runtime.InteropServices (>= 4.3) - restriction: || (&& (== net452) (>= netstandard1.3)) (== netcoreapp3.0) (== netstandard1.6)
      System.Security.Cryptography.Algorithms (>= 4.3) - restriction: || (&& (== net452) (>= net46)) (&& (== net452) (>= netstandard1.3)) (== netcoreapp3.0) (== netstandard1.6)
      System.Security.Cryptography.Encoding (>= 4.3) - restriction: || (&& (== net452) (>= netstandard1.3)) (== netcoreapp3.0) (== netstandard1.6)
      System.Security.Cryptography.Primitives (>= 4.3) - restriction: || (&& (== net452) (>= net46)) (&& (== net452) (>= netstandard1.3)) (== netcoreapp3.0) (== netstandard1.6)
      System.Text.Encoding (>= 4.3) - restriction: || (&& (== net452) (>= netstandard1.3)) (== netcoreapp3.0) (== netstandard1.6)
      System.Threading (>= 4.3) - restriction: || (&& (== net452) (>= netstandard1.3)) (== netcoreapp3.0) (== netstandard1.6)
    System.Security.Cryptography.Encoding (4.3) - restriction: || (&& (== net452) (< net45) (>= netstandard1.6)) (== netcoreapp3.0) (== netstandard1.6)
      Microsoft.NETCore.Platforms (>= 1.1) - restriction: || (&& (== net452) (>= netstandard1.3)) (== netcoreapp3.0) (== netstandard1.6)
      runtime.native.System.Security.Cryptography.OpenSsl (>= 4.3) - restriction: || (&& (== net452) (>= netstandard1.3)) (== netcoreapp3.0) (== netstandard1.6)
      System.Collections (>= 4.3) - restriction: || (&& (== net452) (>= netstandard1.3)) (== netcoreapp3.0) (== netstandard1.6)
      System.Collections.Concurrent (>= 4.3) - restriction: || (&& (== net452) (>= netstandard1.3)) (== netcoreapp3.0) (== netstandard1.6)
      System.Linq (>= 4.3) - restriction: || (&& (== net452) (>= netstandard1.3)) (== netcoreapp3.0) (== netstandard1.6)
      System.Resources.ResourceManager (>= 4.3) - restriction: || (&& (== net452) (>= netstandard1.3)) (== netcoreapp3.0) (== netstandard1.6)
      System.Runtime (>= 4.3) - restriction: || (&& (== net452) (>= netstandard1.3)) (== netcoreapp3.0) (== netstandard1.6)
      System.Runtime.Extensions (>= 4.3) - restriction: || (&& (== net452) (>= netstandard1.3)) (== netcoreapp3.0) (== netstandard1.6)
      System.Runtime.Handles (>= 4.3) - restriction: || (&& (== net452) (>= netstandard1.3)) (== netcoreapp3.0) (== netstandard1.6)
      System.Runtime.InteropServices (>= 4.3) - restriction: || (&& (== net452) (>= netstandard1.3)) (== netcoreapp3.0) (== netstandard1.6)
      System.Security.Cryptography.Primitives (>= 4.3) - restriction: || (&& (== net452) (>= netstandard1.3)) (== netcoreapp3.0) (== netstandard1.6)
      System.Text.Encoding (>= 4.3) - restriction: || (&& (== net452) (>= netstandard1.3)) (== netcoreapp3.0) (== netstandard1.6)
    System.Security.Cryptography.OpenSsl (4.7) - restriction: || (&& (== net452) (< net45) (>= netstandard1.6)) (== netcoreapp3.0) (== netstandard1.6)
      System.Collections (>= 4.3) - restriction: || (&& (== net452) (== netcoreapp3.0)) (&& (== net452) (>= netstandard1.6)) (&& (== netcoreapp3.0) (< netstandard2.0)) (== netstandard1.6)
      System.IO (>= 4.3) - restriction: || (&& (== net452) (== netcoreapp3.0)) (&& (== net452) (>= netstandard1.6)) (&& (== netcoreapp3.0) (< netstandard2.0)) (== netstandard1.6)
      System.Resources.ResourceManager (>= 4.3) - restriction: || (&& (== net452) (== netcoreapp3.0)) (&& (== net452) (>= netstandard1.6)) (&& (== netcoreapp3.0) (< netstandard2.0)) (== netstandard1.6)
      System.Runtime (>= 4.3) - restriction: || (&& (== net452) (== netcoreapp3.0)) (&& (== net452) (>= netstandard1.6)) (&& (== netcoreapp3.0) (< netstandard2.0)) (== netstandard1.6)
      System.Runtime.Extensions (>= 4.3) - restriction: || (&& (== net452) (== netcoreapp3.0)) (&& (== net452) (>= netstandard1.6)) (&& (== netcoreapp3.0) (< netstandard2.0)) (== netstandard1.6)
      System.Runtime.Handles (>= 4.3) - restriction: || (&& (== net452) (== netcoreapp3.0)) (&& (== net452) (>= netstandard1.6)) (&& (== netcoreapp3.0) (< netstandard2.0)) (== netstandard1.6)
      System.Runtime.InteropServices (>= 4.3) - restriction: || (&& (== net452) (== netcoreapp3.0)) (&& (== net452) (>= netstandard1.6)) (&& (== netcoreapp3.0) (< netstandard2.0)) (== netstandard1.6)
      System.Runtime.Numerics (>= 4.3) - restriction: || (&& (== net452) (== netcoreapp3.0)) (&& (== net452) (>= netstandard1.6)) (&& (== netcoreapp3.0) (< netstandard2.0)) (== netstandard1.6)
      System.Security.Cryptography.Algorithms (>= 4.3) - restriction: || (&& (== net452) (== netcoreapp3.0)) (&& (== net452) (>= netstandard1.6)) (&& (== netcoreapp3.0) (< netstandard2.0)) (== netstandard1.6)
      System.Security.Cryptography.Encoding (>= 4.3) - restriction: || (&& (== net452) (== netcoreapp3.0)) (&& (== net452) (>= netstandard1.6)) (&& (== netcoreapp3.0) (< netstandard2.0)) (== netstandard1.6)
      System.Security.Cryptography.Primitives (>= 4.3) - restriction: || (&& (== net452) (== netcoreapp3.0)) (&& (== net452) (>= netstandard1.6)) (&& (== netcoreapp3.0) (< netstandard2.0)) (== netstandard1.6)
      System.Text.Encoding (>= 4.3) - restriction: || (&& (== net452) (== netcoreapp3.0)) (&& (== net452) (>= netstandard1.6)) (&& (== netcoreapp3.0) (< netstandard2.0)) (== netstandard1.6)
    System.Security.Cryptography.Primitives (4.3) - restriction: || (&& (== net452) (< net45) (>= netstandard1.6)) (== netcoreapp3.0) (== netstandard1.6)
      System.Diagnostics.Debug (>= 4.3) - restriction: || (&& (== net452) (>= netstandard1.3)) (== netcoreapp3.0) (== netstandard1.6)
      System.Globalization (>= 4.3) - restriction: || (&& (== net452) (>= netstandard1.3)) (== netcoreapp3.0) (== netstandard1.6)
      System.IO (>= 4.3) - restriction: || (&& (== net452) (>= netstandard1.3)) (== netcoreapp3.0) (== netstandard1.6)
      System.Resources.ResourceManager (>= 4.3) - restriction: || (&& (== net452) (>= netstandard1.3)) (== netcoreapp3.0) (== netstandard1.6)
      System.Runtime (>= 4.3) - restriction: || (&& (== net452) (>= netstandard1.3)) (== netcoreapp3.0) (== netstandard1.6)
      System.Threading (>= 4.3) - restriction: || (&& (== net452) (>= netstandard1.3)) (== netcoreapp3.0) (== netstandard1.6)
      System.Threading.Tasks (>= 4.3) - restriction: || (&& (== net452) (>= netstandard1.3)) (== netcoreapp3.0) (== netstandard1.6)
    System.Security.Cryptography.X509Certificates (4.3.2) - restriction: || (&& (== net452) (< net45) (>= netstandard1.6)) (== netcoreapp3.0) (== netstandard1.6)
      Microsoft.NETCore.Platforms (>= 1.1) - restriction: || (&& (== net452) (>= netstandard1.6)) (== netcoreapp3.0) (== netstandard1.6)
      runtime.native.System (>= 4.3) - restriction: || (&& (== net452) (>= netstandard1.6)) (== netcoreapp3.0) (== netstandard1.6)
      runtime.native.System.Net.Http (>= 4.3) - restriction: || (&& (== net452) (>= netstandard1.6)) (== netcoreapp3.0) (== netstandard1.6)
      runtime.native.System.Security.Cryptography.OpenSsl (>= 4.3.2) - restriction: || (&& (== net452) (>= netstandard1.6)) (== netcoreapp3.0) (== netstandard1.6)
      System.Collections (>= 4.3) - restriction: || (&& (== net452) (>= netstandard1.6)) (== netcoreapp3.0) (== netstandard1.6)
      System.Diagnostics.Debug (>= 4.3) - restriction: || (&& (== net452) (>= netstandard1.6)) (== netcoreapp3.0) (== netstandard1.6)
      System.Globalization (>= 4.3) - restriction: || (&& (== net452) (>= netstandard1.6)) (== netcoreapp3.0) (== netstandard1.6)
      System.Globalization.Calendars (>= 4.3) - restriction: || (&& (== net452) (>= netstandard1.6)) (== netcoreapp3.0) (== netstandard1.6)
      System.IO (>= 4.3) - restriction: || (&& (== net452) (>= netstandard1.6)) (== netcoreapp3.0) (== netstandard1.6)
      System.IO.FileSystem (>= 4.3) - restriction: || (&& (== net452) (>= netstandard1.6)) (== netcoreapp3.0) (== netstandard1.6)
      System.IO.FileSystem.Primitives (>= 4.3) - restriction: || (&& (== net452) (>= netstandard1.6)) (== netcoreapp3.0) (== netstandard1.6)
      System.Resources.ResourceManager (>= 4.3) - restriction: || (&& (== net452) (>= netstandard1.6)) (== netcoreapp3.0) (== netstandard1.6)
      System.Runtime (>= 4.3) - restriction: || (&& (== net452) (>= netstandard1.3)) (&& (== net452) (>= netstandard1.4)) (&& (== net452) (>= netstandard1.6)) (== netcoreapp3.0) (== netstandard1.6)
      System.Runtime.Extensions (>= 4.3) - restriction: || (&& (== net452) (>= netstandard1.6)) (== netcoreapp3.0) (== netstandard1.6)
      System.Runtime.Handles (>= 4.3) - restriction: || (&& (== net452) (>= netstandard1.3)) (&& (== net452) (>= netstandard1.4)) (&& (== net452) (>= netstandard1.6)) (== netcoreapp3.0) (== netstandard1.6)
      System.Runtime.InteropServices (>= 4.3) - restriction: || (&& (== net452) (>= netstandard1.6)) (== netcoreapp3.0) (== netstandard1.6)
      System.Runtime.Numerics (>= 4.3) - restriction: || (&& (== net452) (>= netstandard1.6)) (== netcoreapp3.0) (== netstandard1.6)
      System.Security.Cryptography.Algorithms (>= 4.3) - restriction: || (&& (== net452) (>= net46)) (&& (== net452) (>= net461)) (&& (== net452) (>= netstandard1.3)) (&& (== net452) (>= netstandard1.4)) (&& (== net452) (>= netstandard1.6)) (== netcoreapp3.0) (== netstandard1.6)
      System.Security.Cryptography.Cng (>= 4.3) - restriction: || (&& (== net452) (>= netstandard1.6)) (== netcoreapp3.0) (== netstandard1.6)
      System.Security.Cryptography.Csp (>= 4.3) - restriction: || (&& (== net452) (>= netstandard1.6)) (== netcoreapp3.0) (== netstandard1.6)
      System.Security.Cryptography.Encoding (>= 4.3) - restriction: || (&& (== net452) (>= net46)) (&& (== net452) (>= net461)) (&& (== net452) (>= netstandard1.3)) (&& (== net452) (>= netstandard1.4)) (&& (== net452) (>= netstandard1.6)) (== netcoreapp3.0) (== netstandard1.6)
      System.Security.Cryptography.OpenSsl (>= 4.3) - restriction: || (&& (== net452) (>= netstandard1.6)) (== netcoreapp3.0) (== netstandard1.6)
      System.Security.Cryptography.Primitives (>= 4.3) - restriction: || (&& (== net452) (>= netstandard1.6)) (== netcoreapp3.0) (== netstandard1.6)
      System.Text.Encoding (>= 4.3) - restriction: || (&& (== net452) (>= netstandard1.6)) (== netcoreapp3.0) (== netstandard1.6)
      System.Threading (>= 4.3) - restriction: || (&& (== net452) (>= netstandard1.6)) (== netcoreapp3.0) (== netstandard1.6)
    System.Text.Encoding (4.3) - restriction: || (&& (== net452) (< net45) (>= netstandard1.6)) (== netcoreapp3.0) (== netstandard1.6)
      Microsoft.NETCore.Platforms (>= 1.1) - restriction: || (&& (== net452) (< net45)) (== netcoreapp3.0) (== netstandard1.6)
      Microsoft.NETCore.Targets (>= 1.1) - restriction: || (&& (== net452) (< net45)) (== netcoreapp3.0) (== netstandard1.6)
      System.Runtime (>= 4.3) - restriction: || (&& (== net452) (< net45)) (== netcoreapp3.0) (== netstandard1.6)
    System.Text.RegularExpressions (4.3.1) - restriction: || (&& (== net452) (< net45) (>= netstandard1.6)) (== netcoreapp3.0) (== netstandard1.6)
      System.Collections (>= 4.3) - restriction: || (&& (== net452) (== netcoreapp3.0)) (&& (== net452) (< net45) (>= netstandard1.6)) (&& (== netcoreapp3.0) (< netcoreapp1.1)) (== netstandard1.6)
      System.Globalization (>= 4.3) - restriction: || (&& (== net452) (== netcoreapp3.0)) (&& (== net452) (< net45) (>= netstandard1.6)) (&& (== netcoreapp3.0) (< netcoreapp1.1)) (== netstandard1.6)
      System.Resources.ResourceManager (>= 4.3) - restriction: || (&& (== net452) (== netcoreapp3.0)) (&& (== net452) (< net45) (>= netstandard1.6)) (&& (== netcoreapp3.0) (< netcoreapp1.1)) (== netstandard1.6)
      System.Runtime (>= 4.3.1) - restriction: || (&& (== net452) (< net45)) (&& (== net452) (>= netcoreapp1.1)) (== netcoreapp3.0) (== netstandard1.6)
      System.Runtime.Extensions (>= 4.3.1) - restriction: || (&& (== net452) (== netcoreapp3.0)) (&& (== net452) (< net45) (>= netstandard1.6)) (&& (== netcoreapp3.0) (< netcoreapp1.1)) (== netstandard1.6)
      System.Threading (>= 4.3) - restriction: || (&& (== net452) (== netcoreapp3.0)) (&& (== net452) (< net45) (>= netstandard1.6)) (&& (== netcoreapp3.0) (< netcoreapp1.1)) (== netstandard1.6)
    System.Threading (4.3) - restriction: || (&& (== net452) (< net45) (>= netstandard1.6)) (== netcoreapp3.0) (== netstandard1.6)
      System.Runtime (>= 4.3) - restriction: || (&& (== net452) (< net45)) (== netcoreapp3.0) (== netstandard1.6)
      System.Threading.Tasks (>= 4.3) - restriction: || (&& (== net452) (< net45)) (== netcoreapp3.0) (== netstandard1.6)
    System.Threading.Tasks (4.3) - restriction: || (&& (== net452) (< net45) (>= netstandard1.6)) (== netcoreapp3.0) (== netstandard1.6)
      Microsoft.NETCore.Platforms (>= 1.1) - restriction: || (&& (== net452) (< net45)) (== netcoreapp3.0) (== netstandard1.6)
      Microsoft.NETCore.Targets (>= 1.1) - restriction: || (&& (== net452) (< net45)) (== netcoreapp3.0) (== netstandard1.6)
      System.Runtime (>= 4.3) - restriction: || (&& (== net452) (< net45)) (== netcoreapp3.0) (== netstandard1.6)
    System.Threading.Tasks.Parallel (4.3) - restriction: || (&& (== net452) (< net45) (>= netstandard1.6)) (== netcoreapp3.0) (== netstandard1.6)
      System.Collections.Concurrent (>= 4.3) - restriction: || (&& (== net452) (< net45)) (== netcoreapp3.0) (== netstandard1.6)
      System.Diagnostics.Debug (>= 4.3) - restriction: || (&& (== net452) (< net45) (>= netstandard1.3)) (== netcoreapp3.0) (== netstandard1.6)
      System.Diagnostics.Tracing (>= 4.3) - restriction: || (&& (== net452) (< net45) (>= netstandard1.3)) (== netcoreapp3.0) (== netstandard1.6)
      System.Resources.ResourceManager (>= 4.3) - restriction: || (&& (== net452) (< net45) (>= netstandard1.3)) (== netcoreapp3.0) (== netstandard1.6)
      System.Runtime (>= 4.3) - restriction: || (&& (== net452) (< net45)) (== netcoreapp3.0) (== netstandard1.6)
      System.Runtime.Extensions (>= 4.3) - restriction: || (&& (== net452) (< net45) (>= netstandard1.3)) (== netcoreapp3.0) (== netstandard1.6)
      System.Threading (>= 4.3) - restriction: || (&& (== net452) (< net45) (>= netstandard1.3)) (== netcoreapp3.0) (== netstandard1.6)
      System.Threading.Tasks (>= 4.3) - restriction: || (&& (== net452) (< net45)) (== netcoreapp3.0) (== netstandard1.6)
    System.Threading.Thread (4.3) - restriction: || (&& (== net452) (< net45) (>= netstandard1.6)) (== netcoreapp3.0) (== netstandard1.6)
      System.Runtime (>= 4.3) - restriction: || (&& (== net452) (>= netstandard1.3)) (== netcoreapp3.0) (== netstandard1.6)
    System.Threading.ThreadPool (4.3) - restriction: || (&& (== net452) (< net45) (>= netstandard1.6)) (== netcoreapp3.0) (== netstandard1.6)
      System.Runtime (>= 4.3) - restriction: || (&& (== net452) (>= netstandard1.3)) (== netcoreapp3.0) (== netstandard1.6)
      System.Runtime.Handles (>= 4.3) - restriction: || (&& (== net452) (>= netstandard1.3)) (== netcoreapp3.0) (== netstandard1.6)
    System.Threading.Timer (4.3) - restriction: || (&& (== net452) (< net45) (>= netstandard1.6)) (== netcoreapp3.0) (== netstandard1.6)
      Microsoft.NETCore.Platforms (>= 1.1) - restriction: || (&& (== net452) (< net451)) (== netcoreapp3.0) (== netstandard1.6)
      Microsoft.NETCore.Targets (>= 1.1) - restriction: || (&& (== net452) (< net451)) (== netcoreapp3.0) (== netstandard1.6)
      System.Runtime (>= 4.3) - restriction: || (&& (== net452) (< net451)) (== netcoreapp3.0) (== netstandard1.6)
